RESTRICTION: >= net461
NUGET
  remote: https://www.nuget.org/api/v2
    Deedle (1.2.5)
    FSharp.Data (2.4.6)

GROUP Build
NUGET
  remote: https://www.nuget.org/api/v2
    FAKE (5.3)
